GIT
  remote: git://github.com/niklas/kopflos.git
  revision: f4f3e3872922249942c0b8d2ad13ebdfc8d5ed21
  specs:
    kopflos (0.0.1)
      open4

GEM
  remote: http://rubygems.org/
  specs:
    activesupport (3.2.2)
      i18n (~> 0.6)
      multi_json (~> 1.0)
    capybara (1.1.2)
      mime-types (>= 1.16)
      nokogiri (>= 1.3.3)
      rack (>= 1.0.0)
      rack-test (>= 0.5.4)
      selenium-webdriver (~> 2.0)
      xpath (~> 0.1.4)
    childprocess (0.3.1)
      ffi (~> 1.0.6)
    ffi (1.0.11)
    i18n (0.6.0)
    mime-types (1.18)
    multi_json (1.2.0)
    nokogiri (1.5.2)
    open4 (1.3.0)
    rack (1.4.1)
    rack-test (0.6.1)
      rack (>= 1.0)
    rubyzip (0.9.6.1)
    selenium-webdriver (2.20.0)
      childprocess (>= 0.2.5)
      ffi (~> 1.0)
      multi_json (~> 1.0)
      rubyzip
    xpath (0.1.4)
      nokogiri (~> 1.3)

PLATFORMS
  ruby

DEPENDENCIES
  activesupport (~> 3.2.2)
  capybara (~> 1.1.2)
  kopflos!
